GEM
  remote: https://rubygems.org/
  specs:
    sass (3.2.10)
    sass-css-importer (1.0.0.beta.0)
      sass (>= 3.1)

PLATFORMS
  ruby

DEPENDENCIES
  sass-css-importer
